GEM
  remote: http://rubygems.org/
  specs:
    curb (0.8.4)
    daemons (1.1.4)
    eventmachine (0.12.10)
    rack (1.3.4)
    rack-protection (1.1.2)
      rack
    sinatra (1.3.0)
      rack (~> 1.3)
      rack-protection (~> 1.1)
      tilt (~> 1.3)
    thin (1.2.11)
      daemons (>= 1.0.9)
      eventmachine (>= 0.12.6)
      rack (>= 1.0.0)
    tilt (1.3.3)

PLATFORMS
  ruby

DEPENDENCIES
  curb
  sinatra
  thin
